GEM
  remote: https://rubygems.org/
  specs:
    mysql (2.9.1-x86-mingw32)
    os (1.0.1)
    power_assert (1.1.3)
    test-unit (3.2.9)
      power_assert

PLATFORMS
  x86-mingw32

DEPENDENCIES
  mysql
  os
  test-unit

BUNDLED WITH
   2.0.2
